GEM
  remote: http://rubygems.org/
  specs:
    bcrypt-ruby (2.1.4)

PLATFORMS
  ruby

DEPENDENCIES
  bcrypt-ruby
